PATH
  remote: .
  specs:
    method_decorator.rb (0.1)

GEM
  remote: https://rubygems.org/
  specs:
    minitest (5.13.0)
    rake (12.3.3)

PLATFORMS
  ruby

DEPENDENCIES
  bundler (~> 1.17)
  method_decorator.rb!
  minitest (~> 5.0)
  rake (~> 12.3)

BUNDLED WITH
   1.17.3
